GEM
  remote: http://rubygems.org/
  specs:
    builder (3.0.0)
    capistrano (2.6.0)
      highline
      net-scp (>= 1.0.0)
      net-sftp (>= 2.0.0)
      net-ssh (>= 2.0.14)
      net-ssh-gateway (>= 1.1.0)
    capistrano-ext (1.2.1)
      capistrano (>= 1.0.0)
    chronic (0.3.0)
    curb (0.7.9)
    highline (1.6.2)
    json (1.2.3)
    kgio (2.3.3)
    net-scp (1.0.4)
      net-ssh (>= 1.99.1)
    net-sftp (2.0.5)
      net-ssh (>= 2.0.9)
    net-ssh (2.1.4)
    net-ssh-gateway (1.1.0)
      net-ssh (>= 1.99.1)
    nokogiri (1.4.4)
    rack (1.2.1)
    sinatra (1.1.0)
      rack (~> 1.1)
      tilt (~> 1.1)
    tilt (1.1)
    unicorn (3.6.2)
      kgio (~> 2.3)
      rack

PLATFORMS
  ruby

DEPENDENCIES
  builder
  capistrano
  capistrano-ext
  chronic
  curb
  json (= 1.2.3)
  nokogiri
  sinatra
  unicorn
